PATH
  remote: .
  specs:
    bank_card (0.1.1)
      activemodel
      activesupport

GEM
  remote: http://rubygems.org/
  specs:
    activemodel (3.2.6)
      activesupport (= 3.2.6)
      builder (~> 3.0.0)
    activesupport (3.2.6)
      i18n (~> 0.6)
      multi_json (~> 1.0)
    builder (3.0.0)
    diff-lcs (1.1.3)
    guard (0.7.0)
      thor (~> 0.14.6)
    guard-bundler (0.1.3)
      bundler (>= 1.0.0)
      guard (>= 0.2.2)
    guard-rspec (0.4.5)
      guard (>= 0.4.0)
    i18n (0.6.0)
    multi_json (1.3.6)
    rspec (2.6.0)
      rspec-core (~> 2.6.0)
      rspec-expectations (~> 2.6.0)
      rspec-mocks (~> 2.6.0)
    rspec-core (2.6.4)
    rspec-expectations (2.6.0)
      diff-lcs (~> 1.1.2)
    rspec-mocks (2.6.0)
    shoulda-matchers (1.2.0)
      activesupport (>= 3.0.0)
    thor (0.14.6)
    timecop (0.3.5)

PLATFORMS
  ruby

DEPENDENCIES
  bank_card!
  guard
  guard-bundler
  guard-rspec
  rspec
  shoulda-matchers
  timecop
